GEM
  remote: http://rubygems.org/
  specs:
    gibbon (0.4.2)
      httparty
      json
    httparty (0.10.2)
      multi_json (~> 1.0)
      multi_xml (>= 0.5.2)
    json (1.7.6)
    multi_json (1.5.0)
    multi_xml (0.5.2)

PLATFORMS
  ruby

DEPENDENCIES
  gibbon
